FRAMEWORK: >= NET45
NUGET
  remote: https://www.nuget.org/api/v2
  specs:
    FAKE (4.28)
    FSharp.Control.AsyncSeq (2.0.8)
    FSharp.Core (4.0.0.1)
    FSharp.Data (2.2)
    FSharpx.Async (1.12)
      FSharp.Control.AsyncSeq
    FSharpx.Collections (1.15.1)
      FSharp.Core
    FSharpx.Extras (1.10.3)
      FSharpx.Async (>= 1.12)
      FSharpx.Collections (>= 1.10.1)
    FsUnit (2.2)
      FSharp.Core (>= 3.1.2.5)
      NUnit (3.2.1)
    HtmlAgilityPack (1.4.9)
    NUnit (3.2.1)
