FRAMEWORK: >= NET45
NUGET
  remote: https://www.nuget.org/api/v2
  specs:
    FAKE (4.25.4)
    FSharp.Control.AsyncSeq (1.13)
    FSharp.Core (4.0.0.1)
    FSharp.Data (2.2)
    FSharpx.Async (1.12)
      FSharp.Control.AsyncSeq
    FSharpx.Collections (1.13.4)
      FSharp.Core (>= 3.0)
    FSharpx.Extras (1.10.3)
      FSharpx.Async (>= 1.12)
      FSharpx.Collections (>= 1.10.1)
    FsUnit (2.1)
      FSharp.Core (>= 3.1.2.5)
      NUnit (3.2)
    FsUnit.Sample (1.4)
      FsUnit
    HtmlAgilityPack (1.4.9)
    NUnit (3.2)
