FRAMEWORK: >= NET45
NUGET
  remote: https://www.nuget.org/api/v2
  specs:
    Chessie (0.4)
      FSharp.Core
    FAKE (4.25.4)
    FSharp.Control.AsyncSeq (1.13)
    FSharp.Core (4.0.0.1)
    FSharp.Data (2.2)
    FSharpx.Async (1.12)
      FSharp.Control.AsyncSeq
    FSharpx.Collections (1.13.4)
      FSharp.Core (>= 3.0)
    FSharpx.Extras (1.10.3)
      FSharpx.Async (>= 1.12)
      FSharpx.Collections (>= 1.10.1)
    FSPowerPack.Community (3.0)
      FSPowerPack.Linq.Community
      FSPowerPack.Metadata.Community
      FSPowerPack.Parallel.Seq.Community
    FSPowerPack.Core.Community (3.0)
    FSPowerPack.Linq.Community (3.0)
      FSPowerPack.Core.Community
    FSPowerPack.Metadata.Community (3.0)
      FSPowerPack.Core.Community
    FSPowerPack.Parallel.Seq.Community (3.0)
      FSPowerPack.Core.Community
    FsUnit (2.1)
      FSharp.Core (>= 3.1.2.5)
      NUnit (3.2)
    FsUnit.Sample (1.4)
      FsUnit
    HtmlAgilityPack (1.4.9)
    NUnit (3.2)
    Tesseract-OCR (1.0.4)
